GEM
  remote: https://rubygems.org/
  specs:
    date (3.3.3)
    haml (6.2.3)
      temple (>= 0.8.2)
      thor
      tilt
    multi_json (1.15.0)
    mustermann (3.0.0)
      ruby2_keywords (~> 0.0.1)
    nokogiri (1.15.4-x86_64-linux)
      racc (~> 1.4)
    open-uri (0.3.0)
      stringio
      time
      uri
    racc (1.7.1)
    rack (2.2.8)
    rack-protection (3.1.0)
      rack (~> 2.2, >= 2.2.4)
    rake (13.0.6)
    ruby2_keywords (0.0.5)
    sinatra (3.1.0)
      mustermann (~> 3.0)
      rack (~> 2.2, >= 2.2.4)
      rack-protection (= 3.1.0)
      tilt (~> 2.0)
    sinatra-contrib (3.1.0)
      multi_json
      mustermann (~> 3.0)
      rack-protection (= 3.1.0)
      sinatra (= 3.1.0)
      tilt (~> 2.0)
    sqlite3 (1.6.7-x86_64-linux)
    stringio (3.0.8)
    temple (0.10.3)
    thor (1.3.0)
    tilt (2.3.0)
    time (0.2.2)
      date
    uri (0.12.2)

PLATFORMS
  x86_64-linux

DEPENDENCIES
  haml
  nokogiri
  open-uri
  rake
  sinatra
  sinatra-contrib
  sqlite3

BUNDLED WITH
   2.4.13
